GEM
  remote: http://rubygems.org/
  specs:
    geokit (1.6.5)
      multi_json
    httparty (0.8.1)
      multi_json
      multi_xml
    multi_json (1.1.0)
    multi_xml (0.4.1)

PLATFORMS
  ruby

DEPENDENCIES
  geokit
  httparty
